GEM
  remote: https://rubygems.org/
  specs:
    bond (0.5.1)
    childprocess (0.7.0)
      ffi (~> 1.0, >= 1.0.11)
    config_env (0.1.2)
    connection_pool (2.2.1)
    daemons (1.2.4)
    data_magic (1.0)
      faker (>= 1.1.2)
      yml_reader (>= 0.6)
    eventmachine (1.2.3)
    faker (1.7.3)
      i18n (~> 0.5)
    ffi (1.9.18)
    headless (2.3.1)
    hirb (0.7.3)
    i18n (0.8.1)
    json (2.1.0)
    minitest (5.10.2)
    mustermann (1.0.0)
    net-http-persistent (3.0.0)
      connection_pool (~> 2.2)
    page-object (2.1.1)
      net-http-persistent (~> 3.0)
      page_navigation (>= 0.9)
      selenium-webdriver (~> 3.0)
      watir (~> 6.0)
    page_navigation (0.10)
      data_magic (>= 0.22)
    pg (0.20.0)
    rack (2.0.3)
    rack-protection (2.0.0)
      rack
    rack-test (0.6.3)
      rack (>= 1.0)
    rake (12.0.0)
    ripl (0.7.1)
      bond (~> 0.5.1)
    ripl-multi_line (0.3.1)
      ripl (>= 0.3.6)
    ripl-rack (0.2.1)
      rack (>= 1.0)
      rack-test (~> 0.6.2)
      ripl (>= 0.7.0)
    rubyzip (1.2.1)
    selenium-webdriver (3.4.0)
      childprocess (~> 0.5)
      rubyzip (~> 1.0)
      websocket (~> 1.0)
    sequel (4.47.0)
    sinatra (2.0.0)
      mustermann (~> 1.0)
      rack (~> 2.0)
      rack-protection (= 2.0.0)
      tilt (~> 2.0)
    sqlite3 (1.3.13)
    thin (1.7.0)
      daemons (~> 1.0, >= 1.0.9)
      eventmachine (~> 1.0, >= 1.0.4)
      rack (>= 1, < 3)
    tilt (2.0.7)
    tux (0.3.0)
      ripl (>= 0.3.5)
      ripl-multi_line (>= 0.2.4)
      ripl-rack (>= 0.2.0)
      sinatra (>= 1.2.1)
    watir (6.2.1)
      selenium-webdriver (~> 3.0)
    websocket (1.2.4)
    yml_reader (0.7)

PLATFORMS
  ruby

DEPENDENCIES
  config_env
  headless
  hirb
  json
  minitest
  page-object
  pg
  rack
  rack-test
  rake
  sequel
  sinatra
  sqlite3
  thin
  tux
  watir

RUBY VERSION
   ruby 2.3.4p301

BUNDLED WITH
   1.15.0
